GEM
  remote: https://rubygems.org/
  specs:
    metaclass (0.0.4)
    minitest (5.11.3)
    mocha (1.8.0)
      metaclass (~> 0.0.1)

PLATFORMS
  ruby

DEPENDENCIES
  minitest
  mocha

BUNDLED WITH
   1.17.3
